GEM
  remote: https://rubygems.org/
  remote: https://rails-assets.org/
  specs:
    actioncable (5.1.2)
      actionpack (= 5.1.2)
      nio4r (~> 2.0)
      websocket-driver (~> 0.6.1)
    actionmailer (5.1.2)
      actionpack (= 5.1.2)
      actionview (= 5.1.2)
      activejob (= 5.1.2)
      mail (~> 2.5, >= 2.5.4)
      rails-dom-testing (~> 2.0)
    actionpack (5.1.2)
      actionview (= 5.1.2)
      activesupport (= 5.1.2)
      rack (~> 2.0)
      rack-test (~> 0.6.3)
      rails-dom-testing (~> 2.0)
      rails-html-sanitizer (~> 1.0, >= 1.0.2)
    actionview (5.1.2)
      activesupport (= 5.1.2)
      builder (~> 3.1)
      erubi (~> 1.4)
      rails-dom-testing (~> 2.0)
      rails-html-sanitizer (~> 1.0, >= 1.0.3)
    activejob (5.1.2)
      activesupport (= 5.1.2)
      globalid (>= 0.3.6)
    activemodel (5.1.2)
      activesupport (= 5.1.2)
    activerecord (5.1.2)
      activemodel (= 5.1.2)
      activesupport (= 5.1.2)
      arel (~> 8.0)
    activesupport (5.1.2)
      concurrent-ruby (~> 1.0, >= 1.0.2)
      i18n (~> 0.7)
      minitest (~> 5.1)
      tzinfo (~> 1.1)
    addressable (2.5.1)
      public_suffix (~> 2.0, >= 2.0.2)
    arel (8.0.0)
    ast (2.3.0)
    attachinary (1.3.1)
      cloudinary (~> 1.1.0)
      rails (>= 3.2)
    autoprefixer-rails (7.1.1.2)
      execjs
    aws_cf_signer (0.1.3)
    bcrypt (3.1.11)
    bcrypt (3.1.11-java)
    bcrypt (3.1.11-x64-mingw32)
    bcrypt (3.1.11-x86-mingw32)
    bindex (0.5.0)
    bootstrap-sass (3.3.7)
      autoprefixer-rails (>= 5.2.1)
      sass (>= 3.3.4)
    builder (3.2.3)
    bullet (5.6.1)
      activesupport (>= 3.0.0)
      uniform_notifier (~> 1.10.0)
    byebug (9.0.6)
    cloudinary (1.1.7)
      aws_cf_signer
      rest-client
    coffee-rails (4.2.2)
      coffee-script (>= 2.2.0)
      railties (>= 4.0.0)
    coffee-script (2.4.1)
      coffee-script-source
      execjs
    coffee-script-source (1.12.2)
    concurrent-ruby (1.0.5)
    concurrent-ruby (1.0.5-java)
    devise (4.3.0)
      bcrypt (~> 3.0)
      orm_adapter (~> 0.1)
      railties (>= 4.1.0, < 5.2)
      responders
      warden (~> 1.2.3)
    devise-i18n (1.1.2)
    devise_invitable (1.7.2)
      actionmailer (>= 4.1.0)
      devise (>= 4.0.0)
    domain_name (0.5.20170404)
      unf (>= 0.0.5, < 1.0.0)
    erubi (1.6.1)
    execjs (2.7.0)
    faraday (0.12.1)
      multipart-post (>= 1.2, < 3)
    ffi (1.9.18)
    ffi (1.9.18-java)
    ffi (1.9.18-x64-mingw32)
    ffi (1.9.18-x86-mingw32)
    figaro (1.1.1)
      thor (~> 0.14)
    font-awesome-sass (4.7.0)
      sass (>= 3.2)
    geocoder (1.4.4)
    globalid (0.4.0)
      activesupport (>= 4.2.0)
    gmaps4rails (2.1.2)
    hammerjs-rails (2.0.4)
    http-cookie (1.0.3)
      domain_name (~> 0.5)
    httparty (0.15.6)
      multi_xml (>= 0.5.2)
    i18n (0.8.4)
    i18n-debug (1.1.0)
      i18n (< 1)
    jbuilder (2.7.0)
      activesupport (>= 4.2.0)
      multi_json (>= 1.2)
    jquery-fileupload-rails (0.4.7)
      actionpack (>= 3.1)
      railties (>= 3.1)
      sass (>= 3.2)
    jquery-rails (4.3.1)
      rails-dom-testing (>= 1, < 3)
      railties (>= 4.2.0)
      thor (>= 0.14, < 2.0)
    jquery-ui-rails (5.0.5)
      railties (>= 3.2.16)
    json (2.1.0)
    json (2.1.0-java)
    launchy (2.4.3)
      addressable (~> 2.3)
    launchy (2.4.3-java)
      addressable (~> 2.3)
      spoon (~> 0.0.1)
    letter_opener (1.4.1)
      launchy (~> 2.2)
    listen (3.1.5)
      rb-fsevent (~> 0.9, >= 0.9.4)
      rb-inotify (~> 0.9, >= 0.9.7)
      ruby_dep (~> 1.2)
    loofah (2.0.3)
      nokogiri (>= 1.5.9)
    mail (2.6.6)
      mime-types (>= 1.16, < 4)
    method_source (0.8.2)
    mime-types (3.1)
      mime-types-data (~> 3.2015)
    mime-types-data (3.2016.0521)
    mini_portile2 (2.2.0)
    minitest (5.10.2)
    momentjs-rails (2.17.1)
      railties (>= 3.1)
    monetize (1.6.0)
      money (~> 6.8)
    money (6.8.4)
      i18n (>= 0.6.4, < 0.9)
      sixarm_ruby_unaccent (>= 1.1.1, < 2)
    money-rails (1.8.0)
      activesupport (>= 3.0)
      monetize (~> 1.6.0)
      money (~> 6.8.1)
      railties (>= 3.0)
    multi_json (1.12.1)
    multi_xml (0.6.0)
    multipart-post (2.0.0)
    netrc (0.11.0)
    nio4r (2.1.0)
    nio4r (2.1.0-java)
    nokogiri (1.8.0)
      mini_portile2 (~> 2.2.0)
    nokogiri (1.8.0-java)
    nokogiri (1.8.0-x64-mingw32)
      mini_portile2 (~> 2.2.0)
    nokogiri (1.8.0-x86-mingw32)
      mini_portile2 (~> 2.2.0)
    orm_adapter (0.5.0)
    parallel (1.11.2)
    parser (2.4.0.0)
      ast (~> 2.2)
    pg (0.21.0)
    pg (0.21.0-x64-mingw32)
    pg (0.21.0-x86-mingw32)
    postmark (1.10.0)
      json
      rake
    postmark-rails (0.15.0)
      actionmailer (>= 3.0.0)
      postmark (~> 1.10.0)
    powerpack (0.1.1)
    public_suffix (2.0.5)
    puma (3.9.1)
    puma (3.9.1-java)
    pundit (1.1.0)
      activesupport (>= 3.0.0)
    rack (2.0.3)
    rack-test (0.6.3)
      rack (>= 1.0)
    rails (5.1.2)
      actioncable (= 5.1.2)
      actionmailer (= 5.1.2)
      actionpack (= 5.1.2)
      actionview (= 5.1.2)
      activejob (= 5.1.2)
      activemodel (= 5.1.2)
      activerecord (= 5.1.2)
      activesupport (= 5.1.2)
      bundler (>= 1.3.0, < 2.0)
      railties (= 5.1.2)
      sprockets-rails (>= 2.0.0)
    rails-assets-smalot-bootstrap-datetimepicker (2.4.4)
    rails-assets-underscore (1.8.3)
    rails-dom-testing (2.0.3)
      activesupport (>= 4.2.0)
      nokogiri (>= 1.6)
    rails-html-sanitizer (1.0.3)
      loofah (~> 2.0)
    rails-i18n (5.0.4)
      i18n (~> 0.7)
      railties (~> 5.0)
    railties (5.1.2)
      actionpack (= 5.1.2)
      activesupport (= 5.1.2)
      method_source
      rake (>= 0.8.7)
      thor (>= 0.18.1, < 2.0)
    rainbow (2.2.2)
      rake
    rake (12.0.0)
    raygun4ruby (2.6.0)
      concurrent-ruby
      httparty (> 0.13.7)
      json
      rack
    rb-fsevent (0.9.8)
    rb-inotify (0.9.10)
      ffi (>= 0.5.0, < 2)
    responders (2.4.0)
      actionpack (>= 4.2.0, < 5.3)
      railties (>= 4.2.0, < 5.3)
    rest-client (2.0.2)
      http-cookie (>= 1.0.2, < 2.0)
      mime-types (>= 1.16, < 4.0)
      netrc (~> 0.8)
    rest-client (2.0.2-x64-mingw32)
      ffi (~> 1.9)
      http-cookie (>= 1.0.2, < 2.0)
      mime-types (>= 1.16, < 4.0)
      netrc (~> 0.8)
    rest-client (2.0.2-x86-mingw32)
      ffi (~> 1.9)
      http-cookie (>= 1.0.2, < 2.0)
      mime-types (>= 1.16, < 4.0)
      netrc (~> 0.8)
    rest-client (2.0.2-x86-mswin32)
      ffi (~> 1.9)
      http-cookie (>= 1.0.2, < 2.0)
      mime-types (>= 1.16, < 4.0)
      netrc (~> 0.8)
    rubocop (0.49.1)
      parallel (~> 1.10)
      parser (>= 2.3.3.1, < 3.0)
      powerpack (~> 0.1)
      rainbow (>= 1.99.1, < 3.0)
      ruby-progressbar (~> 1.7)
      unicode-display_width (~> 1.0, >= 1.0.1)
    ruby-progressbar (1.8.1)
    ruby_dep (1.5.0)
    sass (3.4.24)
    sass-rails (5.0.6)
      railties (>= 4.0.0, < 6)
      sass (~> 3.1)
      sprockets (>= 2.8, < 4.0)
      sprockets-rails (>= 2.0, < 4.0)
      tilt (>= 1.1, < 3)
    scout_apm (2.3.1)
    simple_form (3.5.0)
      actionpack (> 4, < 5.2)
      activemodel (> 4, < 5.2)
    sixarm_ruby_unaccent (1.1.2)
    slim (3.0.8)
      temple (>= 0.7.6, < 0.9)
      tilt (>= 1.3.3, < 2.1)
    spoon (0.0.6)
      ffi
    spring (2.0.2)
      activesupport (>= 4.2)
    spring-watcher-listen (2.0.1)
      listen (>= 2.7, < 4.0)
      spring (>= 1.2, < 3.0)
    sprockets (3.7.1)
      concurrent-ruby (~> 1.0)
      rack (> 1, < 3)
    sprockets-rails (3.2.0)
      actionpack (>= 4.0)
      activesupport (>= 4.0)
      sprockets (>= 3.0.0)
    stripe (2.12.0)
      faraday (~> 0.9)
    temple (0.8.0)
    thor (0.19.4)
    thread_safe (0.3.6)
    thread_safe (0.3.6-java)
    tilt (2.0.7)
    turbolinks (5.0.1)
      turbolinks-source (~> 5)
    turbolinks-source (5.0.3)
    tzinfo (1.2.3)
      thread_safe (~> 0.1)
    tzinfo-data (1.2017.2)
      tzinfo (>= 1.0.0)
    uglifier (3.2.0)
      execjs (>= 0.3.0, < 3)
    unf (0.1.4)
      unf_ext
    unf (0.1.4-java)
    unf_ext (0.0.7.4)
    unf_ext (0.0.7.4-x64-mingw32)
    unf_ext (0.0.7.4-x86-mingw32)
    unicode-display_width (1.3.0)
    uniform_notifier (1.10.0)
    warden (1.2.7)
      rack (>= 1.0)
    web-console (3.5.1)
      actionview (>= 5.0)
      activemodel (>= 5.0)
      bindex (>= 0.4.0)
      railties (>= 5.0)
    websocket-driver (0.6.5)
      websocket-extensions (>= 0.1.0)
    websocket-driver (0.6.5-java)
      websocket-extensions (>= 0.1.0)
    websocket-extensions (0.1.2)

PLATFORMS
  java
  ruby
  x64-mingw32
  x86-mingw32
  x86-mswin32

DEPENDENCIES
  attachinary
  bootstrap-sass
  bullet
  byebug
  cloudinary
  coffee-rails (~> 4.2)
  devise
  devise-i18n
  devise_invitable (~> 1.7.0)
  figaro
  font-awesome-sass
  geocoder
  gmaps4rails
  hammerjs-rails
  i18n-debug
  jbuilder (~> 2.5)
  jquery-fileupload-rails
  jquery-rails
  jquery-ui-rails
  letter_opener
  listen (>= 3.0.5, < 3.2)
  momentjs-rails (>= 2.9.0)
  money-rails (~> 1)
  pg (~> 0.18)
  postmark-rails
  puma (~> 3.7)
  pundit
  rails (~> 5.1.2)
  rails-assets-smalot-bootstrap-datetimepicker!
  rails-assets-underscore!
  rails-i18n (~> 5.0.0)
  raygun4ruby
  rubocop (~> 0.49.1)
  sass-rails (~> 5.0)
  scout_apm
  simple_form
  slim
  spring
  spring-watcher-listen (~> 2.0.0)
  stripe
  turbolinks (~> 5)
  tzinfo-data
  uglifier (>= 1.3.0)
  web-console (>= 3.3.0)

RUBY VERSION
   ruby 2.4.1p111

BUNDLED WITH
   1.16.0
